PATH
  remote: /home/alex/code/serverspec-aws
  specs:
    serverspec-aws (0.0.8)
      aws-sdk (>= 2.0.0)

GEM
  remote: https://rubygems.org/
  specs:
    aws-sdk (2.2.29)
      aws-sdk-resources (= 2.2.29)
    aws-sdk-core (2.2.29)
      jmespath (~> 1.0)
    aws-sdk-resources (2.2.29)
      aws-sdk-core (= 2.2.29)
    diff-lcs (1.2.5)
    jmespath (1.1.3)
    multi_json (1.11.2)
    net-scp (1.2.1)
      net-ssh (>= 2.6.5)
    net-ssh (3.0.2)
    net-telnet (0.1.1)
    rake (11.1.1)
    rspec (3.4.0)
      rspec-core (~> 3.4.0)
      rspec-expectations (~> 3.4.0)
      rspec-mocks (~> 3.4.0)
    rspec-core (3.4.4)
      rspec-support (~> 3.4.0)
    rspec-expectations (3.4.0)
      diff-lcs (>= 1.2.0, < 2.0)
      rspec-support (~> 3.4.0)
    rspec-its (1.2.0)
      rspec-core (>= 3.0.0)
      rspec-expectations (>= 3.0.0)
    rspec-mocks (3.4.1)
      diff-lcs (>= 1.2.0, < 2.0)
      rspec-support (~> 3.4.0)
    rspec-support (3.4.1)
    serverspec (2.31.0)
      multi_json
      rspec (~> 3.0)
      rspec-its
      specinfra (~> 2.53)
    sfl (2.2)
    specinfra (2.54.1)
      net-scp
      net-ssh (>= 2.7, < 3.1)
      net-telnet
      sfl

PLATFORMS
  ruby

DEPENDENCIES
  aws-sdk
  rake
  serverspec
  serverspec-aws!
